GEM
  remote: https://rubygems.org/
  specs:
    Text (1.1.3)
      text (>= 1.2.0)
    ast (2.4.2)
    debug (1.9.1)
      irb (~> 1.10)
      reline (>= 0.3.8)
    io-console (0.7.2)
    irb (1.11.2)
      rdoc
      reline (>= 0.4.2)
    json (2.7.1)
    language_server-protocol (3.17.0.3)
    parallel (1.24.0)
    parser (3.3.0.5)
      ast (~> 2.4.1)
      racc
    prism (0.21.0)
    psych (5.1.2)
      stringio
    racc (1.7.3)
    rainbow (3.1.1)
    rdoc (6.6.2)
      psych (>= 4.0.0)
    regexp_parser (2.9.0)
    reline (0.4.2)
      io-console (~> 0.5)
    rexml (3.2.6)
    rubocop (1.60.2)
      json (~> 2.3)
      language_server-protocol (>= 3.17.0)
      parallel (~> 1.10)
      parser (>= 3.3.0.2)
      rainbow (>= 2.2.2, < 4.0)
      regexp_parser (>= 1.8, < 3.0)
      rexml (>= 3.2.5, < 4.0)
      rubocop-ast (>= 1.30.0, < 2.0)
      ruby-progressbar (~> 1.7)
      unicode-display_width (>= 2.4.0, < 3.0)
    rubocop-ast (1.30.0)
      parser (>= 3.2.1.0)
    ruby-lsp (0.14.0)
      language_server-protocol (~> 3.17.0)
      prism (>= 0.19.0, < 0.22)
      sorbet-runtime (>= 0.5.10782)
    ruby-progressbar (1.13.0)
    sorbet-runtime (0.5.11247)
    sqlite3 (1.7.2-x86_64-linux)
    stringio (3.1.0)
    text (1.3.1)
    unicode-display_width (2.5.0)

PLATFORMS
  x86_64-linux

DEPENDENCIES
  Text
  debug
  json
  rubocop
  ruby-lsp
  sqlite3

BUNDLED WITH
   2.2.22
